ObjectType = Image
NDims = 2
BinaryData = True
BinaryDataByteOrderMSB = False
Color = 1 0 0 1
Offset = 0.0 0.0
ElementSpacing = 1.0 1.0 
DimSize = 256 256
ElementType = MET_SHORT
ElementDataFile = moving_pd.raw
